GEM
  remote: https://rubygems.org/
  specs:
    actioncable (7.0.2.3)
      actionpack (= 7.0.2.3)
      activesupport (= 7.0.2.3)
      nio4r (~> 2.0)
      websocket-driver (>= 0.6.1)
    actionmailbox (7.0.2.3)
      actionpack (= 7.0.2.3)
      activejob (= 7.0.2.3)
      activerecord (= 7.0.2.3)
      activestorage (= 7.0.2.3)
      activesupport (= 7.0.2.3)
      mail (>= 2.7.1)
      net-imap
      net-pop
      net-smtp
    actionmailer (7.0.2.3)
      actionpack (= 7.0.2.3)
      actionview (= 7.0.2.3)
      activejob (= 7.0.2.3)
      activesupport (= 7.0.2.3)
      mail (~> 2.5, >= 2.5.4)
      net-imap
      net-pop
      net-smtp
      rails-dom-testing (~> 2.0)
    actionpack (7.0.2.3)
      actionview (= 7.0.2.3)
      activesupport (= 7.0.2.3)
      rack (~> 2.0, >= 2.2.0)
      rack-test (>= 0.6.3)
      rails-dom-testing (~> 2.0)
      rails-html-sanitizer (~> 1.0, >= 1.2.0)
    actiontext (7.0.2.3)
      actionpack (= 7.0.2.3)
      activerecord (= 7.0.2.3)
      activestorage (= 7.0.2.3)
      activesupport (= 7.0.2.3)
      globalid (>= 0.6.0)
      nokogiri (>= 1.8.5)
    actionview (7.0.2.3)
      activesupport (= 7.0.2.3)
      builder (~> 3.1)
      erubi (~> 1.4)
      rails-dom-testing (~> 2.0)
      rails-html-sanitizer (~> 1.1, >= 1.2.0)
    activejob (7.0.2.3)
      activesupport (= 7.0.2.3)
      globalid (>= 0.3.6)
    activemodel (7.0.2.3)
      activesupport (= 7.0.2.3)
    activerecord (7.0.2.3)
      activemodel (= 7.0.2.3)
      activesupport (= 7.0.2.3)
    activestorage (7.0.2.3)
      actionpack (= 7.0.2.3)
      activejob (= 7.0.2.3)
      activerecord (= 7.0.2.3)
      activesupport (= 7.0.2.3)
      marcel (~> 1.0)
      mini_mime (>= 1.1.0)
    activesupport (7.0.2.3)
      concurrent-ruby (~> 1.0, >= 1.0.2)
      i18n (>= 1.6, < 2)
      minitest (>= 5.1)
      tzinfo (~> 2.0)
    addressable (2.8.0)
      public_suffix (>= 2.0.2, < 5.0)
    bindex (0.8.1)
    bootsnap (1.11.1)
      msgpack (~> 1.2)
    builder (3.2.4)
    concurrent-ruby (1.1.10)
    counter_culture (3.2.1)
      activerecord (>= 4.2)
      activesupport (>= 4.2)
    crack (0.4.5)
      rexml
    crass (1.0.6)
    debug (1.4.0)
      irb (>= 1.3.6)
      reline (>= 0.2.7)
    digest (3.1.0)
    erubi (1.10.0)
    faraday (2.2.0)
      faraday-net_http (~> 2.0)
      ruby2_keywords (>= 0.0.4)
    faraday-follow_redirects (0.2.0)
      faraday (>= 2, < 3)
    faraday-gzip (0.1.0)
      faraday (>= 1.0)
      zlib (~> 2.1)
    faraday-net_http (2.0.1)
    faraday-retry (1.0.3)
    ffi (1.15.5)
    globalid (1.0.0)
      activesupport (>= 5.0)
    hashdiff (1.0.1)
    i18n (1.10.0)
      concurrent-ruby (~> 1.0)
    io-console (0.5.11)
    io-wait (0.2.1)
    irb (1.4.1)
      reline (>= 0.3.0)
    jbuilder (2.11.5)
      actionview (>= 5.0.0)
      activesupport (>= 5.0.0)
    loofah (2.15.0)
      crass (~> 1.0.2)
      nokogiri (>= 1.5.9)
    mail (2.7.1)
      mini_mime (>= 0.1.1)
    marcel (1.0.2)
    method_source (1.0.0)
    mini_mime (1.1.2)
    minitest (5.15.0)
    mocha (1.13.0)
    msgpack (1.4.5)
    net-imap (0.2.3)
      digest
      net-protocol
      strscan
    net-pop (0.1.1)
      digest
      net-protocol
      timeout
    net-protocol (0.1.2)
      io-wait
      timeout
    net-smtp (0.3.1)
      digest
      net-protocol
      timeout
    nio4r (2.5.8)
    nokogiri (1.13.3-arm64-darwin)
      racc (~> 1.4)
    nokogiri (1.13.3-x86_64-linux)
      racc (~> 1.4)
    oj (3.13.11)
    ox (2.14.10)
    pg (1.3.4)
    public_suffix (4.0.6)
    puma (5.6.2)
      nio4r (~> 2.0)
    racc (1.6.0)
    rack (2.2.3)
    rack-test (1.1.0)
      rack (>= 1.0, < 3)
    rails (7.0.2.3)
      actioncable (= 7.0.2.3)
      actionmailbox (= 7.0.2.3)
      actionmailer (= 7.0.2.3)
      actionpack (= 7.0.2.3)
      actiontext (= 7.0.2.3)
      actionview (= 7.0.2.3)
      activejob (= 7.0.2.3)
      activemodel (= 7.0.2.3)
      activerecord (= 7.0.2.3)
      activestorage (= 7.0.2.3)
      activesupport (= 7.0.2.3)
      bundler (>= 1.15.0)
      railties (= 7.0.2.3)
    rails-dom-testing (2.0.3)
      activesupport (>= 4.2.0)
      nokogiri (>= 1.6)
    rails-html-sanitizer (1.4.2)
      loofah (~> 2.3)
    railties (7.0.2.3)
      actionpack (= 7.0.2.3)
      activesupport (= 7.0.2.3)
      method_source
      rake (>= 12.2)
      thor (~> 1.0)
      zeitwerk (~> 2.5)
    rake (13.0.6)
    reline (0.3.1)
      io-console (~> 0.5)
    rexml (3.2.5)
    ruby2_keywords (0.0.5)
    sassc (2.4.0)
      ffi (~> 1.9)
    sassc-rails (2.1.2)
      railties (>= 4.0.0)
      sassc (>= 2.0)
      sprockets (> 3.0)
      sprockets-rails
      tilt
    shoulda (4.0.0)
      shoulda-context (~> 2.0)
      shoulda-matchers (~> 4.0)
    shoulda-context (2.0.0)
    shoulda-matchers (4.5.1)
      activesupport (>= 4.2.0)
    simple-rss (1.3.3)
    sprockets (4.0.3)
      concurrent-ruby (~> 1.0)
      rack (> 1, < 3)
    sprockets-rails (3.4.2)
      actionpack (>= 5.2)
      activesupport (>= 5.2)
      sprockets (>= 3.0.0)
    strscan (3.0.1)
    thor (1.2.1)
    tilt (2.0.10)
    timeout (0.2.0)
    tzinfo (2.0.4)
      concurrent-ruby (~> 1.0)
    web-console (4.2.0)
      actionview (>= 6.0.0)
      activemodel (>= 6.0.0)
      bindex (>= 0.4.0)
      railties (>= 6.0.0)
    webmock (3.14.0)
      addressable (>= 2.8.0)
      crack (>= 0.3.2)
      hashdiff (>= 0.4.0, < 2.0.0)
    websocket-driver (0.7.5)
      websocket-extensions (>= 0.1.0)
    websocket-extensions (0.1.5)
    zeitwerk (2.5.4)
    zlib (2.1.1)

PLATFORMS
  arm64-darwin-21
  x86_64-linux

DEPENDENCIES
  bootsnap
  counter_culture
  debug
  faraday
  faraday-follow_redirects
  faraday-gzip
  faraday-retry
  jbuilder
  mocha
  nokogiri
  oj
  ox
  pg (~> 1.1)
  puma (~> 5.0)
  rails (~> 7.0.2, >= 7.0.2.3)
  sassc-rails
  shoulda
  simple-rss
  sprockets-rails
  tzinfo-data
  web-console
  webmock

RUBY VERSION
   ruby 3.1.1p18

BUNDLED WITH
   2.3.9
